PATH
  remote: .
  specs:
    uniform_notifier (1.0.0)

GEM
  remote: http://rubygems.org/
  specs:
    rspec (1.3.1)
    ruby-growl (3.0)
    xmpp4r (0.5)

PLATFORMS
  ruby

DEPENDENCIES
  rspec (= 1.3.1)
  ruby-growl (= 3.0)
  uniform_notifier!
  xmpp4r (= 0.5)
